GEM
  remote: https://rubygems.org/
  specs:
    activemodel (5.1.4)
      activesupport (= 5.1.4)
    activerecord (5.1.4)
      activemodel (= 5.1.4)
      activesupport (= 5.1.4)
      arel (~> 8.0)
    activesupport (5.1.4)
      concurrent-ruby (~> 1.0, >= 1.0.2)
      i18n (~> 0.7)
      minitest (~> 5.1)
      tzinfo (~> 1.1)
    arel (8.0.0)
    axiom-types (0.1.1)
      descendants_tracker (~> 0.0.4)
      ice_nine (~> 0.11.0)
      thread_safe (~> 0.3, >= 0.3.1)
    coercible (1.0.0)
      descendants_tracker (~> 0.0.1)
    concurrent-ruby (1.0.5)
    descendants_tracker (0.0.4)
      thread_safe (~> 0.3, >= 0.3.1)
    diff-lcs (1.3)
    dotenv (2.2.1)
    equalizer (0.0.11)
    faraday (0.13.1)
      multipart-post (>= 1.2, < 3)
    i18n (0.8.6)
    ice_nine (0.11.2)
    minitest (5.10.3)
    multipart-post (2.0.0)
    rake (12.0.0)
    rspec (3.6.0)
      rspec-core (~> 3.6.0)
      rspec-expectations (~> 3.6.0)
      rspec-mocks (~> 3.6.0)
    rspec-core (3.6.0)
      rspec-support (~> 3.6.0)
    rspec-expectations (3.6.0)
      diff-lcs (>= 1.2.0, < 2.0)
      rspec-support (~> 3.6.0)
    rspec-mocks (3.6.0)
      diff-lcs (>= 1.2.0, < 2.0)
      rspec-support (~> 3.6.0)
    rspec-support (3.6.0)
    telegram-bot-ruby (0.8.3)
      faraday
      virtus
    thread_safe (0.3.6)
    tzinfo (1.2.3)
      thread_safe (~> 0.1)
    virtus (1.0.5)
      axiom-types (~> 0.1)
      coercible (~> 1.0)
      descendants_tracker (~> 0.0, >= 0.0.3)
      equalizer (~> 0.0, >= 0.0.9)

PLATFORMS
  ruby

DEPENDENCIES
  activerecord (~> 5.1, >= 5.1.4)
  dotenv (~> 2.2, >= 2.2.1)
  rake (~> 12.0)
  rspec (~> 3.6)
  telegram-bot-ruby (~> 0.8.3)

BUNDLED WITH
   1.15.4
